GEM
  remote: https://rubygems.org/
  specs:
    graphql (1.4.2)

PLATFORMS
  ruby

DEPENDENCIES
  graphql

BUNDLED WITH
   1.12.5
