GEM
  remote: https://rubygems.org/
  specs:
    debugger-ruby_core_source (1.3.8)
    rblineprof (0.3.6)
      debugger-ruby_core_source (~> 1.3)
    rblineprof-report (0.0.3)
      term-ansicolor (~> 1.3)
    term-ansicolor (1.3.0)
      tins (~> 1.0)
    tins (1.4.2)

PLATFORMS
  ruby

DEPENDENCIES
  rblineprof
  rblineprof-report
