GEM
  remote: https://rubygems.org/
  specs:
    rmagick (2.15.2)

PLATFORMS
  ruby

DEPENDENCIES
  rmagick

BUNDLED WITH
   1.10.2
