GEM
  remote: https://rubygems.org/
  specs:
    redis (3.2.1)

PLATFORMS
  ruby

DEPENDENCIES
  redis

BUNDLED WITH
   1.10.2
